PATH
  remote: .
  specs:
    assert_valid (0.1.0)

GEM
  remote: https://rubygems.org/
  specs:
    rake (13.0.3)

PLATFORMS
  x86_64-darwin-20

DEPENDENCIES
  assert_valid!
  rake (~> 13.0)

BUNDLED WITH
   2.2.16
